GEM
  specs:
    browserify_rb (1.0.0)
    jekyll-browserify (1.1.1)
      browserify_rb (~> 1.0.0)

PLATFORMS
  x86_64-linux

DEPENDENCIES
  jekyll-browserify

BUNDLED WITH
   2.3.26
